PATH
  remote: ../../
  specs:
    res (0.1.0)
      json

GEM
  remote: https://rubygems.org/
  specs:
    builder (3.2.2)
    cucumber (1.3.19)
      builder (>= 2.1.2)
      diff-lcs (>= 1.1.3)
      gherkin (~> 2.12)
      multi_json (>= 1.7.5, < 2.0)
      multi_test (>= 0.1.2)
    diff-lcs (1.2.5)
    gherkin (2.12.2)
      multi_json (~> 1.3)
    json (1.8.3)
    multi_json (1.11.0)
    multi_test (0.1.2)

PLATFORMS
  ruby

DEPENDENCIES
  cucumber
  res!
